GIT
  remote: https://github.com/trombik/ansible-vault
  revision: d5844508de670b401bce18e013c6d79475e4deb7
  branch: master
  specs:
    ansible-vault (0.2.0)

GIT
  remote: https://github.com/trombik/ansibleinventory.git
  revision: 6ca46fadc35fe837b8cd701d9882e11567556a89
  branch: master
  specs:
    ansibleinventory (0.1.0)

GIT
  remote: https://github.com/trombik/vagrant-serverspec.git
  revision: d6dbd98dea1cf938dc29602f580bc43d205dd25a
  branch: master
  specs:
    vagrant-serverspec (0.1.0)
      net-ssh (>= 3.0.2)
      serverspec (>= 2.40.0)
      vagrant-ssh-config

GIT
  remote: https://github.com/trombik/vagrant-ssh-config.git
  revision: 9c2c42617989d030170d04e67f39b944e3b02a07
  branch: master
  specs:
    vagrant-ssh-config (1.0.1)
      net-ssh (>= 3.0.2)

GEM
  remote: https://rubygems.org/
  specs:
    ast (2.4.2)
    diff-lcs (1.5.0)
    dnsruby (1.61.9)
      simpleidn (~> 0.1)
    highline (2.0.3)
    io-console (0.5.11)
    irb (1.4.1)
      reline (>= 0.3.0)
    multi_json (1.15.0)
    net-scp (3.0.0)
      net-ssh (>= 2.6.5, < 7.0.0)
    net-ssh (6.1.0)
    net-telnet (0.1.1)
    parallel (1.22.1)
    parser (3.1.2.0)
      ast (~> 2.4.1)
    rainbow (3.1.1)
    rake (13.0.6)
    regexp_parser (2.3.1)
    reline (0.3.1)
      io-console (~> 0.5)
    retries (0.0.5)
    rexml (3.2.5)
    rspec (3.4.0)
      rspec-core (~> 3.4.0)
      rspec-expectations (~> 3.4.0)
      rspec-mocks (~> 3.4.0)
    rspec-core (3.4.4)
      rspec-support (~> 3.4.0)
    rspec-expectations (3.4.0)
      diff-lcs (>= 1.2.0, < 2.0)
      rspec-support (~> 3.4.0)
    rspec-its (1.3.0)
      rspec-core (>= 3.0.0)
      rspec-expectations (>= 3.0.0)
    rspec-mocks (3.4.1)
      diff-lcs (>= 1.2.0, < 2.0)
      rspec-support (~> 3.4.0)
    rspec-retry (0.5.7)
      rspec-core (> 3.3)
    rspec-support (3.4.1)
    rubocop (1.29.0)
      parallel (~> 1.10)
      parser (>= 3.1.0.0)
      rainbow (>= 2.2.2, < 4.0)
      regexp_parser (>= 1.8, < 3.0)
      rexml (>= 3.2.5, < 4.0)
      rubocop-ast (>= 1.17.0, < 2.0)
      ruby-progressbar (~> 1.7)
      unicode-display_width (>= 1.4.0, < 3.0)
    rubocop-ast (1.17.0)
      parser (>= 3.1.1.0)
    ruby-progressbar (1.11.0)
    serverspec (2.42.0)
      multi_json
      rspec (~> 3.0)
      rspec-its
      specinfra (~> 2.72)
    sfl (2.3)
    simpleidn (0.2.1)
      unf (~> 0.1.4)
    specinfra (2.83.2)
      net-scp
      net-ssh (>= 2.7)
      net-telnet (= 0.1.1)
      sfl
    unf (0.1.4)
      unf_ext
    unf_ext (0.0.8.1)
    unicode-display_width (2.1.0)

PLATFORMS
  amd64-freebsd-14
  x86_64-darwin-19
  x86_64-linux

DEPENDENCIES
  ansible-vault!
  ansibleinventory!
  dnsruby
  highline
  irb
  rake
  retries (~> 0.0.5)
  rspec (~> 3.4.0)
  rspec-retry (~> 0.5.5)
  rubocop
  serverspec
  vagrant-serverspec!
  vagrant-ssh-config!

BUNDLED WITH
   2.3.10
